GIT
  remote: git://github.com/rmagick/rmagick.git
  revision: 962d56cba3a132d590be1dd062f2a3a2efa48545
  specs:
    rmagick (2.13.2)

GIT
  remote: git://github.com/sinatra/sinatra.git
  revision: ccd6103d4c9c2238cd9d8b74176a24844eff328c
  specs:
    sinatra (1.4.3)
      rack (~> 1.4)
      rack-protection (~> 1.4)
      tilt (~> 1.3, >= 1.3.4)

GEM
  remote: https://rubygems.org/
  specs:
    daemons (1.1.9)
    eventmachine (1.0.3)
    json (1.8.0)
    rack (1.5.2)
    rack-protection (1.5.0)
      rack
    thin (1.5.1)
      daemons (>= 1.0.9)
      eventmachine (>= 0.12.6)
      rack (>= 1.0.0)
    tilt (1.4.1)

PLATFORMS
  ruby

DEPENDENCIES
  json
  rmagick!
  sinatra!
  thin
